PATH
  remote: .
  specs:
    breach-mitigation-rails (0.2.2)
      activesupport
      rack

GEM
  remote: https://rubygems.org/
  specs:
    activesupport (2.3.18)
    diff-lcs (1.2.5)
    rack (1.5.2)
    rake (10.3.2)
    rspec (2.14.1)
      rspec-core (~> 2.14.0)
      rspec-expectations (~> 2.14.0)
      rspec-mocks (~> 2.14.0)
    rspec-core (2.14.8)
    rspec-expectations (2.14.5)
      diff-lcs (>= 1.1.3, < 2.0)
    rspec-mocks (2.14.6)

PLATFORMS
  ruby

DEPENDENCIES
  activesupport (~> 2.3)
  breach-mitigation-rails!
  bundler (~> 1.3)
  rake
  rspec
